GEM
  remote: https://rubygems.org/
  specs:
    diff-lcs (1.5.1)
    facter (2.5.7)
    fast_gettext (1.1.2)
    hiera (3.12.0)
    locale (2.1.4)
    multi_json (1.15.0)
    puppet (5.5.22)
      facter (> 2.0.1, < 4)
      fast_gettext (~> 1.1.2)
      hiera (>= 3.2.1, < 4)
      locale (~> 2.1)
      multi_json (~> 1.10)
    puppet-lint (2.5.2)
    rspec (3.13.0)
      rspec-core (~> 3.13.0)
      rspec-expectations (~> 3.13.0)
      rspec-mocks (~> 3.13.0)
    rspec-core (3.13.2)
      rspec-support (~> 3.13.0)
    rspec-expectations (3.13.3)
      diff-lcs (>= 1.2.0, < 2.0)
      rspec-support (~> 3.13.0)
    rspec-mocks (3.13.2)
      diff-lcs (>= 1.2.0, < 2.0)
      rspec-support (~> 3.13.0)
    rspec-puppet (2.12.0)
      rspec
    rspec-support (3.13.2)

PLATFORMS
  ruby
  x86_64-linux-gnu

DEPENDENCIES
  puppet (~> 5.5)
  puppet-lint (~> 2.3)
  rspec-puppet (~> 2.7)

BUNDLED WITH
   2.5.23
